GEM
  remote: https://rubygems.org/
  specs:
    colorize (0.7.7)
    json (1.8.2)
    mini_portile (0.6.2)
    nokogiri (1.6.6.2)
      mini_portile (~> 0.6.0)
    stopwords (0.2)

PLATFORMS
  ruby

DEPENDENCIES
  colorize
  json
  nokogiri
  stopwords
